GEM
  remote: https://rubygems.org/
  specs:
    ruby2d (0.11.3)

PLATFORMS
  x86_64-darwin20
  x86_64-linux

DEPENDENCIES
  ruby2d

BUNDLED WITH
   2.6.4p47